STORAGE: NONE
RESTRICTION: || (== netcoreapp3.1) (== netstandard2.0) (== netstandard2.1)
NUGET
  remote: https://api.nuget.org/v3/index.json
    Flux.Core (1.0)
      FSharp.Core (>= 4.7.1)
    FParsec (1.1.1)
      FSharp.Core (>= 4.3.4)
    FSharp.Control.Reactive (4.4.2)
      FSharp.Core (>= 4.7.2)
      System.Reactive (>= 4.4.1)
    FSharp.Core (4.7.2)
    FSharp.Data (3.3.3)
      FSharp.Core (>= 4.3.4)
    FSharpPlus (1.1.3)
      FSharp.Core (>= 4.6.2)
    FsPickler (5.3.2)
      FSharp.Core (>= 4.3.2)
      System.Reflection.Emit.Lightweight (>= 4.3)
    FsPickler.Json (5.3.2)
      FSharp.Core (>= 4.3.2)
      FsPickler (>= 5.3.2)
      Newtonsoft.Json (>= 10.0.1)
    Hopac (0.4.1)
      FSharp.Core (>= 4.5 < 5.0)
    Legivel (0.4.5)
      FSharp.Core (>= 4.6)
    Logary (5.0.1)
      FParsec (>= 1.1.1)
      FSharp.Core (>= 4.7)
      Hopac (>= 0.4.1)
      NodaTime (>= 2.4.8)
    Microsoft.NETCore.Platforms (3.1.2) - restriction: || (&& (== netcoreapp3.1) (< netcoreapp3.0)) (&& (== netcoreapp3.1) (< netstandard1.2)) (&& (== netcoreapp3.1) (< netstandard1.3)) (&& (== netcoreapp3.1) (< netstandard1.5)) (== netstandard2.0) (== netstandard2.1)
    Microsoft.NETCore.Targets (3.1) - restriction: || (&& (== netcoreapp3.1) (< netcoreapp3.0)) (&& (== netcoreapp3.1) (< netstandard1.2)) (&& (== netcoreapp3.1) (< netstandard1.3)) (&& (== netcoreapp3.1) (< netstandard1.5)) (== netstandard2.0) (== netstandard2.1)
    Newtonsoft.Json (12.0.3)
    NodaTime (3.0)
      System.Runtime.CompilerServices.Unsafe (>= 4.7.1)
    SchlenkR.FsHttp (3.1)
      FSharp.Core (>= 4.7)
      FSharp.Data (>= 3.1.1)
    Suave (2.5.6)
      FSharp.Core (>= 4.3.4)
    System.Reactive (4.4.1)
      System.Runtime.InteropServices.WindowsRuntime (>= 4.3) - restriction: || (&& (== netcoreapp3.1) (< netcoreapp3.0)) (== netstandard2.0) (== netstandard2.1)
      System.Threading.Tasks.Extensions (>= 4.5.4) - restriction: || (&& (== netcoreapp3.1) (>= net46)) (&& (== netcoreapp3.1) (< netcoreapp3.0)) (&& (== netcoreapp3.1) (>= uap10.0)) (== netstandard2.0) (== netstandard2.1)
    System.Reflection.Emit.ILGeneration (4.7) - restriction: || (&& (== netcoreapp3.1) (< netcoreapp2.0) (< netstandard2.1)) (&& (== netcoreapp3.1) (>= netcoreapp5.0)) (&& (== netcoreapp3.1) (< netstandard2.0)) (&& (== netcoreapp3.1) (< portable-net45+wp8)) (&& (== netcoreapp3.1) (>= uap10.1)) (== netstandard2.0) (&& (== netstandard2.1) (>= netcoreapp5.0)) (&& (== netstandard2.1) (< netstandard2.0)) (&& (== netstandard2.1) (< portable-net45+wp8)) (&& (== netstandard2.1) (>= uap10.1))
    System.Reflection.Emit.Lightweight (4.7)
      System.Reflection.Emit.ILGeneration (>= 4.7) - restriction: || (&& (== netcoreapp3.1) (< netcoreapp2.0) (< netstandard2.1)) (&& (== netcoreapp3.1) (>= netcoreapp5.0)) (&& (== netcoreapp3.1) (< netstandard2.0)) (&& (== netcoreapp3.1) (< portable-net45+wp8)) (&& (== netcoreapp3.1) (>= uap10.1)) (== netstandard2.0) (&& (== netstandard2.1) (>= netcoreapp5.0)) (&& (== netstandard2.1) (< netstandard2.0)) (&& (== netstandard2.1) (< portable-net45+wp8)) (&& (== netstandard2.1) (>= uap10.1))
    System.Runtime (4.3.1) - restriction: || (&& (== netcoreapp3.1) (< netcoreapp3.0)) (== netstandard2.0) (== netstandard2.1)
      Microsoft.NETCore.Platforms (>= 1.1.1)
      Microsoft.NETCore.Targets (>= 1.1.3)
    System.Runtime.CompilerServices.Unsafe (4.7.1)
    System.Runtime.InteropServices.WindowsRuntime (4.3) - restriction: || (&& (== netcoreapp3.1) (< netcoreapp3.0)) (== netstandard2.0) (== netstandard2.1)
      System.Runtime (>= 4.3)
    System.Threading.Tasks.Extensions (4.5.4) - restriction: || (&& (== netcoreapp3.1) (>= net46)) (&& (== netcoreapp3.1) (< netcoreapp3.0)) (&& (== netcoreapp3.1) (>= uap10.0)) (== netstandard2.0) (== netstandard2.1)
      System.Runtime.CompilerServices.Unsafe (>= 4.5.3) - restriction: || (&& (== netcoreapp3.1) (>= net461)) (&& (== netcoreapp3.1) (< netcoreapp2.1)) (&& (== netcoreapp3.1) (< netstandard1.0)) (&& (== netcoreapp3.1) (< netstandard2.0)) (&& (== netcoreapp3.1) (>= wp8)) (== netstandard2.0) (== netstandard2.1)
